GEM
  remote: http://rubygems.org/
  specs:
    addressable (2.3.2)
    crack (0.3.1)
    diff-lcs (1.2.5)
    docile (1.1.3)
    git (1.2.5)
    httparty (0.9.0)
      multi_json (~> 1.0)
      multi_xml
    jeweler (1.8.4)
      bundler (~> 1.0)
      git (>= 1.2.5)
      rake
      rdoc
    json (1.7.5)
    multi_json (1.3.6)
    multi_xml (0.5.1)
    rake (0.9.2.2)
    rdoc (3.12)
      json (~> 1.4)
    rspec (2.14.1)
      rspec-core (~> 2.14.0)
      rspec-expectations (~> 2.14.0)
      rspec-mocks (~> 2.14.0)
    rspec-core (2.14.7)
    rspec-expectations (2.14.5)
      diff-lcs (>= 1.1.3, < 2.0)
    rspec-mocks (2.14.6)
    simplecov (0.8.2)
      docile (~> 1.1.0)
      multi_json
      simplecov-html (~> 0.8.0)
    simplecov-html (0.8.0)
    webmock (1.8.10)
      addressable (>= 2.2.7)
      crack (>= 0.1.7)
    xml-mapping (0.9.1)

PLATFORMS
  ruby

DEPENDENCIES
  bundler (~> 1.5.0)
  httparty (>= 0.9.0)
  jeweler (~> 1.8.4)
  rdoc (~> 3.12)
  rspec (~> 2.14.0)
  simplecov (~> 0.8.2)
  webmock (~> 1.8.10)
  xml-mapping (>= 0.9.1)
